GEM
  remote: https://rubygems.org/
  specs:
    connection_pool (2.2.2)
    rack (1.6.10)
    rack-protection (1.5.5)
      rack
    redis (4.0.2)
    sidekiq (5.2.2)
      connection_pool (~> 2.2, >= 2.2.2)
      rack-protection (>= 1.5.0)
      redis (>= 3.3.5, < 5)
    sidekiq-failures (1.0.0)
      sidekiq (>= 4.0.0)
    sinatra (1.4.8)
      rack (~> 1.5)
      rack-protection (~> 1.4)
      tilt (>= 1.3, < 3)
    slim (1.3.6)
      temple (~> 0.5.5)
      tilt (~> 1.3.3)
    temple (0.5.5)
    tilt (1.3.7)

PLATFORMS
  ruby

DEPENDENCIES
  sidekiq
  sidekiq-failures
  sinatra (>= 1.3.0)
  slim (= 1.3.6)

BUNDLED WITH
   1.16.5
